GEM
  remote: https://rubygems.org/
  specs:
    carioca (2.0.5)
      deep_merge (~> 1.2)
      i18n (~> 1.10)
      locale (~> 2.1)
      pastel (~> 0.8.0)
      tty-prompt (~> 0.23.1)
      version (~> 1.1)
    concurrent-ruby (1.1.10)
    deep_merge (1.2.2)
    i18n (1.12.0)
      concurrent-ruby (~> 1.0)
    locale (2.1.3)
    mustermann (2.0.2)
      ruby2_keywords (~> 0.0.1)
    pastel (0.8.0)
      tty-color (~> 0.5)
    rack (2.2.4)
    rack-protection (2.2.2)
      rack
    ruby2_keywords (0.0.5)
    sinatra (2.2.2)
      mustermann (~> 2.0)
      rack (~> 2.2)
      rack-protection (= 2.2.2)
      tilt (~> 2.0)
    tilt (2.0.11)
    tty-color (0.6.0)
    tty-cursor (0.7.1)
    tty-prompt (0.23.1)
      pastel (~> 0.8)
      tty-reader (~> 0.8)
    tty-reader (0.9.0)
      tty-cursor (~> 0.7)
      tty-screen (~> 0.8)
      wisper (~> 2.0)
    tty-screen (0.8.1)
    version (1.1.1)
    wisper (2.0.1)

PLATFORMS
  ruby

DEPENDENCIES
  carioca (~> 2.0)
  sinatra

BUNDLED WITH
   2.1.2
