GEM
  remote: https://rubygems.org/
  specs:
    carioca (2.1.0)
      deep_merge (~> 1.2)
      i18n (~> 1.10)
      locale (~> 2.1)
      pastel (~> 0.8.0)
      ps-ruby (~> 0.0.4)
      tty-prompt (~> 0.23.1)
      version (~> 1.1)
    concurrent-ruby (1.2.2)
    deep_merge (1.2.2)
    i18n (1.14.1)
      concurrent-ruby (~> 1.0)
    locale (2.1.3)
    mustermann (3.0.0)
      ruby2_keywords (~> 0.0.1)
    nio4r (2.5.9)
    pastel (0.8.0)
      tty-color (~> 0.5)
    ps-ruby (0.0.4)
    puma (6.3.1)
      nio4r (~> 2.0)
    rack (2.2.7)
    rack-protection (3.0.5)
      rack
    ruby2_keywords (0.0.5)
    sinatra (3.0.5)
      mustermann (~> 3.0)
      rack (~> 2.2, >= 2.2.4)
      rack-protection (= 3.0.5)
      tilt (~> 2.0)
    tilt (2.1.0)
    tty-color (0.6.0)
    tty-cursor (0.7.1)
    tty-prompt (0.23.1)
      pastel (~> 0.8)
      tty-reader (~> 0.8)
    tty-reader (0.9.0)
      tty-cursor (~> 0.7)
      tty-screen (~> 0.8)
      wisper (~> 2.0)
    tty-screen (0.8.1)
    version (1.1.1)
    wisper (2.0.1)

PLATFORMS
  x86_64-linux

DEPENDENCIES
  carioca (~> 2.0)
  puma (~> 6.3)
  sinatra

BUNDLED WITH
   2.3.24
